GEM
  remote: https://rubygems.org/
  specs:
    coderay (1.1.2)
    method_source (0.9.0)
    mustermann (1.0.2)
    mysql2 (0.4.10)
    pry (0.11.3)
      coderay (~> 1.1.0)
      method_source (~> 0.9.0)
    rack (2.0.4)
    rack-protection (2.0.1)
      rack
    rake (12.3.0)
    sinatra (2.0.1)
      mustermann (~> 1.0)
      rack (~> 2.0)
      rack-protection (= 2.0.1)
      tilt (~> 2.0)
    table_print (1.5.6)
    tilt (2.0.8)

PLATFORMS
  ruby

DEPENDENCIES
  mysql2 (~> 0.4.10)
  pry
  rake (~> 12.3)
  sinatra
  table_print (~> 1.5)

BUNDLED WITH
   1.16.1
